REDIRECTS: ON
RESTRICTION: == net45
NUGET
  remote: https://www.nuget.org/api/v2
    AForge (2.2.5)
    AForge.Imaging (2.2.5)
      AForge (>= 2.2.5)
      AForge.Math (>= 2.2.5)
    AForge.Math (2.2.5)
      AForge (>= 2.2.5)
    Argu (3.2)
    AWSSDK.Core (3.3.18.2)
    AWSSDK.DynamoDBv2 (3.3.4.19)
      AWSSDK.Core (>= 3.3.18.2 < 3.4)
    AWSSDK.S3 (3.3.11.4)
      AWSSDK.Core (>= 3.3.18.2 < 3.4)
    AWSSDK.SQS (3.3.3.1)
      AWSSDK.Core (>= 3.3.18.2 < 3.4)
    DynamicInterop (0.7.4)
    FSharp.AWS.DynamoDB (0.7.0-beta)
      AWSSDK.DynamoDBv2 (>= 3.3.1)
      Unquote (>= 3.1.2)
    FSharp.Charting (0.91.1)
    FSharp.Control.AsyncSeq (2.0.16)
    FSharp.Core (4.2.3)
    FSharp.Data (2.4.2)
    FsPickler (4.5)
      FSharp.Core (>= 3.1)
    FsPickler.Json (4.5)
      FSharp.Core (>= 3.1)
      FsPickler (4.5)
      Newtonsoft.Json (>= 6.0.5)
    Google.DataTable.Net.Wrapper (3.1.2)
    Hyak.Common (1.1.3)
      Newtonsoft.Json (>= 6.0.8)
    MathNet.Numerics (3.7.1)
    MathNet.Numerics.FSharp (3.7.1)
      FSharp.Core (>= 3.1.2.1)
      MathNet.Numerics (3.7.1)
    MathNet.Numerics.MKL.Win-x64 (1.8)
      MathNet.Numerics (>= 2.4)
    MBrace.AWS (0.1.10-alpha)
      Argu (>= 3.2 < 3.3)
      AWSSDK.DynamoDBv2 (>= 3.0 < 4.0)
      AWSSDK.S3 (>= 3.0 < 4.0)
      AWSSDK.SQS (>= 3.0 < 4.0)
      FSharp.AWS.DynamoDB (>= 0.7.0-beta)
      MBrace.Core (>= 1.5 < 1.6)
      MBrace.Runtime
    MBrace.Azure (1.5.5)
      Argu (>= 3.2 < 4.0)
      FsPickler (>= 4.5 < 5.0)
      MBrace.Core (>= 1.5 < 1.6)
      MBrace.Runtime (>= 1.5 < 1.6)
      System.Reflection.Metadata
      WindowsAzure.ServiceBus (>= 3.0 < 4.0)
      WindowsAzure.Storage (>= 7.0 < 8.0)
    MBrace.Azure.Management (1.5.5)
      MBrace.Azure (>= 1.5.5)
      MBrace.Core (>= 1.5 < 1.6)
      MBrace.Runtime (>= 1.5 < 1.6)
      Microsoft.Bcl.Async (>= 1.0 < 2.0)
      Microsoft.WindowsAzure.Management.Libraries
      Microsoft.WindowsAzure.Management.ServiceBus (>= 0.19.0-preview)
      WindowsAzure.ServiceBus (>= 3.0 < 4.0)
      WindowsAzure.Storage (>= 7.0 < 8.0)
    MBrace.Core (1.5.4)
      FSharp.Core (>= 4.0.0.1)
    MBrace.CSharp (1.5.4-alpha)
      FSharp.Core (>= 4.0)
      MBrace.Core (1.5.4)
      MBrace.Flow (1.5.4)
      Streams
    MBrace.Flow (1.5.4)
      FSharp.Core (>= 4.0)
      MBrace.Core (1.5.4)
      Streams
    MBrace.Runtime (1.5.4)
      FsPickler (>= 4.5 < 5.0)
      FsPickler.Json
      MBrace.Core (1.5.4)
      Vagabond (>= 0.15 < 1.0)
    MBrace.Thespian (1.5.4)
      Argu (>= 3.2 < 4.0)
      FsPickler (>= 4.5 < 5.0)
      MBrace.Core (1.5.4)
      MBrace.Runtime (1.5.4)
      Thespian (>= 0.1.16-alpha < 0.2.0-alpha)
      Vagabond (>= 0.15 < 1.0)
    Microsoft.Azure.Common (2.1.4)
      Hyak.Common (>= 1.1.3)
    Microsoft.Azure.KeyVault.Core (2.0.4)
    Microsoft.Bcl (1.1.10)
      Microsoft.Bcl.Build (>= 1.0.14)
    Microsoft.Bcl.Async (1.0.168)
      Microsoft.Bcl (>= 1.1.8)
    Microsoft.Bcl.Build (1.0.21) - import_targets: false
    Microsoft.Data.Edm (5.8.3)
    Microsoft.Data.OData (5.8.3)
      Microsoft.Data.Edm (5.8.3)
      System.Spatial (5.8.3)
    Microsoft.Data.Services.Client (5.8.3)
      Microsoft.Data.OData (5.8.3)
    Microsoft.Net.Http (2.2.29)
      Microsoft.Bcl (>= 1.1.10)
      Microsoft.Bcl.Build (>= 1.0.14)
    Microsoft.NETCore.Platforms (2.0)
    Microsoft.Owin (3.1.0) - version_in_path: true
      Owin (>= 1.0)
    Microsoft.Owin.Host.SystemWeb (3.1)
      Microsoft.Owin (>= 3.1)
      Owin (>= 1.0)
    Microsoft.WindowsAzure.Common (1.4.1)
      Microsoft.WindowsAzure.Common.Dependencies (>= 1.1.1)
    Microsoft.WindowsAzure.Common.Dependencies (1.1.1)
      Microsoft.Bcl (>= 1.1.9)
      Microsoft.Bcl.Async (>= 1.0.168)
      Microsoft.Bcl.Build (>= 1.0.14)
      Microsoft.Net.Http (>= 2.2.22)
      Newtonsoft.Json (>= 6.0.4)
    Microsoft.WindowsAzure.Management (4.1.1)
      Microsoft.Azure.Common (>= 2.0.4 < 3.0)
    Microsoft.WindowsAzure.Management.Compute (14.0)
      Microsoft.Azure.Common (>= 2.0.4 < 3.0)
    Microsoft.WindowsAzure.Management.Libraries (2.0)
      Microsoft.WindowsAzure.Common (>= 1.3 < 2.0)
      Microsoft.WindowsAzure.Management (>= 2.0)
      Microsoft.WindowsAzure.Management.Compute (>= 5.0)
      Microsoft.WindowsAzure.Management.MediaServices (>= 2.0)
      Microsoft.WindowsAzure.Management.Monitoring (>= 1.0)
      Microsoft.WindowsAzure.Management.Network (>= 3.0)
      Microsoft.WindowsAzure.Management.Scheduler (>= 3.0)
      Microsoft.WindowsAzure.Management.Sql (>= 3.0)
      Microsoft.WindowsAzure.Management.Storage (>= 3.0)
      Microsoft.WindowsAzure.Management.WebSites (>= 3.0)
    Microsoft.WindowsAzure.Management.MediaServices (4.1)
      Microsoft.Azure.Common (>= 2.0.1 < 3.0)
    Microsoft.WindowsAzure.Management.Monitoring (4.1)
      Microsoft.Azure.Common (>= 2.0.1 < 3.0)
    Microsoft.WindowsAzure.Management.Network (8.2.1)
      Microsoft.Azure.Common (>= 2.1 < 3.0)
    Microsoft.WindowsAzure.Management.Scheduler (6.2)
      Microsoft.Azure.Common (>= 2.0.4 < 3.0)
    Microsoft.WindowsAzure.Management.ServiceBus (0.19.0-preview)
      Microsoft.Azure.Common (>= 2.0.4 < 3.0)
    Microsoft.WindowsAzure.Management.Sql (5.2)
      Microsoft.Azure.Common (>= 2.0.4 < 3.0)
    Microsoft.WindowsAzure.Management.Storage (6.0.1)
      Microsoft.Azure.Common (>= 2.0.4 < 3.0)
    Microsoft.WindowsAzure.Management.WebSites (4.0)
      Microsoft.WindowsAzure.Common (>= 1.3 < 2.0)
    Mono.Cecil (0.10.0-beta6)
    NETStandard.Library (2.0.1)
      Microsoft.NETCore.Platforms (>= 1.1)
      System.Runtime.InteropServices.RuntimeInformation (>= 4.3)
    Newtonsoft.Json (9.0.1)
    Owin (1.0) - version_in_path: true
    R.NET.Community (1.6.5)
      DynamicInterop (0.7.4)
    R.NET.Community.FSharp (1.6.5)
      R.NET.Community (>= 1.6.5)
    RProvider (1.1.20)
      DynamicInterop (0.7.4)
      R.NET.Community (1.6.5)
      R.NET.Community.FSharp (1.6.5)
    Streams (0.4.1)
    Suave (1.1.3)
      FSharp.Core (>= 3.1.2.5)
    System.Collections.Immutable (1.4)
      NETStandard.Library (>= 1.6.1)
    System.Reflection.Metadata (1.5)
      NETStandard.Library (>= 1.6.1)
      System.Collections.Immutable (>= 1.4)
    System.Runtime.InteropServices.RuntimeInformation (4.3)
    System.Runtime.Loader (4.3)
    System.Spatial (5.8.3)
    Thespian (0.1.16)
      FSharp.Core (>= 3.1)
      FsPickler (>= 4.0 < 5.0)
    Unquote (3.2)
    Vagabond (0.15)
      FsPickler (>= 4.0 < 5.0)
      Mono.Cecil (>= 0.10.0-beta6)
    WindowsAzure.ServiceBus (3.4.6)
    WindowsAzure.Storage (7.2.1)
      Microsoft.Azure.KeyVault.Core (>= 1.0)
      Microsoft.Data.OData (>= 5.6.4)
      Microsoft.Data.Services.Client (>= 5.6.4)
      Newtonsoft.Json (>= 6.0.8)
    XPlot.GoogleCharts (1.4.2)
      Google.DataTable.Net.Wrapper (3.1.2)
      Newtonsoft.Json (9.0.1)
    XPlot.GoogleCharts.WPF (1.3)
      XPlot.GoogleCharts (>= 1.3)
GITHUB
  remote: fslaborg/FSharp.Charting
    docs/content/EventEx-0.1.fsx (2f12634899a7b61afe166681a95dc2e3a0b2ee7d)